GEM
  remote: https://rubygems.org/
  specs:
    declarative (0.0.10)
    declarative-option (0.1.0)
    minitest (5.13.0)
    minitest-line (0.6.5)
      minitest (~> 5.0)
    representable (3.0.4)
      declarative (< 0.1.0)
      declarative-option (< 0.2.0)
      uber (< 0.2.0)
    trailblazer-activity (0.10.0)
      trailblazer-context (>= 0.2.0, < 0.3.0)
    trailblazer-activity-dsl-linear (0.2.3)
      trailblazer-activity (>= 0.9.1, < 1.0.0)
    trailblazer-context (0.2.0)
    trailblazer-developer (0.0.10)
      representable
      trailblazer-activity (>= 0.10.0, < 1.0.0)
      trailblazer-activity-dsl-linear
    uber (0.1.0)

PLATFORMS
  ruby

DEPENDENCIES
  minitest
  minitest-line
  trailblazer-activity-dsl-linear (>= 0.2.3)
  trailblazer-developer

BUNDLED WITH
   2.0.1
